GEM
  remote: https://rubygems.org/
  specs:
    byebug (10.0.2)
    mini_portile2 (2.4.0)
    nokogiri (1.10.1)
      mini_portile2 (~> 2.4.0)
    schematron-nokogiri (0.0.3)
      nokogiri (~> 1.6)

PLATFORMS
  ruby

DEPENDENCIES
  byebug
  schematron-nokogiri

BUNDLED WITH
   2.0.1
